GIT
  remote: git://github.com/seancribbs/ripple.git
  revision: 94abdd1d28bfb8b1d6904af6e2ec320761a78c0d
  specs:
    riak-client (1.0.0.beta)
      beefcake (~> 0.3.7)
      builder (>= 2.1.2)
      i18n (>= 0.4.0)
      multi_json (~> 1.0.0)
    ripple (1.0.0.beta)
      activemodel (>= 3.0.0, < 3.2.0)
      activesupport (>= 3.0.0, < 3.2.0)
      riak-client (~> 1.0.0.beta)
      tzinfo

GEM
  remote: http://rubygems.org/
  specs:
    activemodel (3.1.1)
      activesupport (= 3.1.1)
      builder (~> 3.0.0)
      i18n (~> 0.6)
    activesupport (3.1.1)
      multi_json (~> 1.0)
    beefcake (0.3.7)
    blankslate (2.1.2.4)
    bluecloth (2.2.0)
    builder (3.0.0)
    gli (1.3.5)
    i18n (0.6.0)
    json (1.6.1)
    multi_json (1.0.3)
    nokogiri (1.5.0)
    parslet (1.2.3)
      blankslate (~> 2.0)
    pdfkit (0.5.2)
    rack (1.3.5)
    rack-protection (1.1.4)
      rack
    rdiscount (1.6.8)
    rmagick (2.13.1)
    showoff (0.7.0)
      bluecloth
      gli (>= 1.3.2)
      json
      nokogiri
      parslet
      sinatra
    sinatra (1.3.1)
      rack (~> 1.3, >= 1.3.4)
      rack-protection (~> 1.1, >= 1.1.2)
      tilt (~> 1.3, >= 1.3.3)
    tilt (1.3.3)
    tzinfo (0.3.31)
    webmachine (0.3.0)
      i18n (>= 0.4.0)

PLATFORMS
  ruby

DEPENDENCIES
  pdfkit
  rdiscount
  riak-client!
  ripple!
  rmagick
  showoff
  webmachine
